GEM
  remote: https://rubygems.org/
  specs:
    aws_cf_signer (0.1.3)
    cloudinary (1.0.81)
      aws_cf_signer
      rest-client
    domain_name (0.5.24)
      unf (>= 0.0.5, < 1.0.0)
    dotenv (1.0.2)
    http-cookie (1.0.2)
      domain_name (~> 0.5)
    mail (2.6.3)
      mime-types (>= 1.16, < 3)
    mime-types (2.6.2)
    netrc (0.10.3)
    pony (1.11)
      mail (>= 2.0)
    rack (1.6.4)
    rack-protection (1.5.3)
      rack
    rest-client (1.8.0)
      http-cookie (>= 1.0.2, < 2.0)
      mime-types (>= 1.16, < 3.0)
      netrc (~> 0.7)
    shotgun (0.9.1)
      rack (>= 1.0)
    sinatra (1.4.7)
      rack (~> 1.5)
      rack-protection (~> 1.4)
      tilt (>= 1.3, < 3)
    tilt (2.0.2)
    unf (0.1.4)
      unf_ext
    unf_ext (0.0.7.1)

PLATFORMS
  ruby

DEPENDENCIES
  cloudinary
  dotenv
  pony
  rack
  shotgun
  sinatra
